GIT
  remote: git://github.com/cloudfoundry/vcap-common.git
  revision: 5334b662238f14ed2ddbb80f524dcf8cdd0eaadf
  ref: 5334b662
  specs:
    vcap_common (2.0.0)
      eventmachine
      membrane
      nats (~> 0.4.22.beta.8)
      posix-spawn (~> 0.3.6)
      thin (~> 1.3.1)
      yajl-ruby (~> 0.8.3)

PATH
  remote: vcap-staging
  specs:
    vcap_staging (0.1.63)
      nokogiri (>= 1.4.4)
      rake
      rspec
      uuidtools (~> 2.1.2)
      yajl-ruby (>= 0.7.9)

GEM
  remote: https://rubygems.org/
  specs:
    daemons (1.1.9)
    diff-lcs (1.1.3)
    eventmachine (1.0.0)
    json_pure (1.7.5)
    membrane (0.0.2)
    nats (0.4.24)
      daemons (>= 1.1.5)
      eventmachine (>= 0.12.10)
      json_pure (>= 1.7.3)
      thin (>= 1.3.1)
    nokogiri (1.5.5)
    posix-spawn (0.3.6)
    rack (1.4.1)
    rake (10.0.0)
    rspec (2.12.0)
      rspec-core (~> 2.12.0)
      rspec-expectations (~> 2.12.0)
      rspec-mocks (~> 2.12.0)
    rspec-core (2.12.0)
    rspec-expectations (2.12.0)
      diff-lcs (~> 1.1.3)
    rspec-mocks (2.12.0)
    thin (1.3.1)
      daemons (>= 1.0.9)
      eventmachine (>= 0.12.6)
      rack (>= 1.0.0)
    uuidtools (2.1.3)
    yajl-ruby (0.8.3)

PLATFORMS
  ruby

DEPENDENCIES
  vcap_common (~> 2.0.0)!
  vcap_staging!
