PATH
  remote: stager
  specs:
    vcap_stager (0.1.15)

PATH
  remote: vcap-common
  specs:
    vcap_common (2.0.10)
      em-http-request (~> 1.0.0.beta3, < 1.0.0.beta4)
      eventmachine
      httpclient
      membrane (~> 0.0.2)
      mime-types
      multipart-post
      nats (~> 0.4.24)
      posix-spawn (~> 0.3.6)
      thin
      yajl-ruby

PATH
  remote: vcap-staging
  specs:
    vcap_staging (0.1.63)
      nokogiri (>= 1.4.4)
      rake
      rspec
      uuidtools (~> 2.1.2)
      yajl-ruby (>= 0.7.9)

GEM
  remote: https://rubygems.org/
  specs:
    addressable (2.3.2)
    daemons (1.1.9)
    diff-lcs (1.1.3)
    em-http-request (1.0.0.beta.3)
      addressable (>= 2.2.3)
      em-socksify
      eventmachine
      http_parser.rb (>= 0.5.1)
    em-socksify (0.1.0)
      eventmachine
    eventmachine (0.12.10)
    foreman (0.60.0)
      thor (>= 0.13.6)
    http_parser.rb (0.5.1)
    httpclient (2.2.4)
    json_pure (1.7.5)
    membrane (0.0.2)
    mime-types (1.21)
    multipart-post (1.1.5)
    nats (0.4.28)
      daemons (>= 1.1.5)
      eventmachine (= 0.12.10)
      json_pure (>= 1.7.3)
      thin (>= 1.4.1)
    nokogiri (1.5.6)
    posix-spawn (0.3.6)
    rack (1.4.1)
    rake (10.0.0)
    rspec (2.12.0)
      rspec-core (~> 2.12.0)
      rspec-expectations (~> 2.12.0)
      rspec-mocks (~> 2.12.0)
    rspec-core (2.12.2)
    rspec-expectations (2.12.1)
      diff-lcs (~> 1.1.3)
    rspec-mocks (2.12.2)
    thin (1.5.0)
      daemons (>= 1.0.9)
      eventmachine (>= 0.12.6)
      rack (>= 1.0.0)
    thor (0.16.0)
    uuidtools (2.1.3)
    yajl-ruby (1.1.0)

PLATFORMS
  ruby

DEPENDENCIES
  foreman
  nats
  rake
  vcap_common!
  vcap_stager!
  vcap_staging!
